GEM
  remote: https://rubygems.org/
  specs:
    rouge (1.11.1)
    xcpretty (0.2.2)
      rouge (~> 1.8)

PLATFORMS
  ruby

DEPENDENCIES
  xcpretty (= 0.2.2)

BUNDLED WITH
   1.10.6
